GEM
  remote: http://rubygems.org/
  specs:
    cinch (2.0.2)
    cinch-basic_ctcp (1.0.2)
      cinch (~> 2.0)
    configru (2.0.0)
    rack (1.4.1)
    rack-protection (1.2.0)
      rack
    sinatra (1.3.2)
      rack (~> 1.3, >= 1.3.6)
      rack-protection (~> 1.2)
      tilt (~> 1.3, >= 1.3.3)
    tilt (1.3.3)

PLATFORMS
  ruby

DEPENDENCIES
  cinch (~> 2.0.0)
  cinch-basic_ctcp (~> 1.0.0)
  configru (~> 2.0.0)
  sinatra (~> 1.3.0)
